PATH
  remote: .
  specs:
    pry-doc-notebook (0.1.0)
      nokogiri (~> 1.10)
      pry (~> 0.12)
      pry-doc (~> 1.0)
      rouge (~> 3.11)
      yard (~> 0.9)

GEM
  remote: https://rubygems.org/
  specs:
    coderay (1.1.2)
    method_source (0.9.2)
    mini_portile2 (2.4.0)
    minitest (5.12.0)
    nokogiri (1.10.8)
      mini_portile2 (~> 2.4.0)
    pry (0.12.2)
      coderay (~> 1.1.0)
      method_source (~> 0.9.0)
    pry-doc (1.0.0)
      pry (~> 0.11)
      yard (~> 0.9.11)
    rake (13.0.1)
    rouge (3.16.0)
    yard (0.9.24)

PLATFORMS
  ruby

DEPENDENCIES
  bundler (~> 1.17)
  minitest (~> 5.0)
  pry-doc-notebook!
  rake (~> 13.0)

BUNDLED WITH
   1.17.2
