PATH
  remote: .
  specs:
    pry-doc-notebook (0.1.0)
      pry
      pry-doc
      yard

GEM
  remote: https://rubygems.org/
  specs:
    coderay (1.1.2)
    method_source (0.9.2)
    minitest (5.12.0)
    pry (0.12.2)
      coderay (~> 1.1)
      method_source (~> 0.9.0)
    pry-doc (1.0.0)
      pry (~> 0.11)
      yard (~> 0.9.11)
    rake (10.5.0)
    yard (0.9.20)

PLATFORMS
  ruby

DEPENDENCIES
  bundler (~> 1.17)
  minitest (~> 5.0)
  pry-doc-notebook!
  rake (~> 10.0)

BUNDLED WITH
   1.17.2
